GEM
  remote: https://rubygems.org/
  specs:
    colored (1.2)
    command_line_reporter (3.3.6)
      colored (>= 1.2)
    commander (4.4.3)
      highline (~> 1.7.2)
    dotenv (2.1.1)
    faraday (0.9.2)
      multipart-post (>= 1.2, < 3)
    hellosign-ruby-sdk (3.2.11)
      faraday
      mime-types
      multi_json
    highline (1.7.8)
    mime-types (3.1)
      mime-types-data (~> 3.2015)
    mime-types-data (3.2016.0521)
    multi_json (1.12.1)
    multipart-post (2.0.0)

PLATFORMS
  ruby

DEPENDENCIES
  command_line_reporter
  commander
  dotenv
  hellosign-ruby-sdk

BUNDLED WITH
   1.13.6
